GEM
  remote: http://rubygems.org/
  specs:
    cinch (2.0.2)
    daemons (1.1.8)
    diff-lcs (1.1.3)
    htmlentities (4.3.1)
    mime-types (1.19)
    multi_json (1.3.6)
    nokogiri (1.5.5)
    rest-client (1.6.7)
      mime-types (>= 1.16)
    rspec (2.11.0)
      rspec-core (~> 2.11.0)
      rspec-expectations (~> 2.11.0)
      rspec-mocks (~> 2.11.0)
    rspec-core (2.11.1)
    rspec-expectations (2.11.3)
      diff-lcs (~> 1.1.3)
    rspec-mocks (2.11.2)
    simplecov (0.6.4)
      multi_json (~> 1.0)
      simplecov-html (~> 0.5.3)
    simplecov-html (0.5.3)

PLATFORMS
  ruby

DEPENDENCIES
  cinch
  daemons
  htmlentities
  nokogiri
  rest-client
  rspec
  simplecov
